PATH
  remote: .
  specs:
    bayes (0.0.2)
      hiredis
      nokogiri
      rake
      redis

GEM
  remote: http://rubygems.org/
  specs:
    diff-lcs (1.1.3)
    hiredis (0.4.5)
    mock_redis (0.4.1)
    nokogiri (1.5.5)
    rake (0.9.2.2)
    redis (3.0.1)
    rspec (2.10.0)
      rspec-core (~> 2.10.0)
      rspec-expectations (~> 2.10.0)
      rspec-mocks (~> 2.10.0)
    rspec-core (2.10.1)
    rspec-expectations (2.10.0)
      diff-lcs (~> 1.1.3)
    rspec-mocks (2.10.1)

PLATFORMS
  ruby

DEPENDENCIES
  bayes!
  mock_redis
  rspec
